GIT
  remote: git://github.com/CocoaPods/CocoaPods.git
  revision: f89d71f52f1aaf404b4f6c4c9af25f0df6349585
  specs:
    cocoapods (0.16.1)
      activesupport (~> 3.2.6)
      colored (~> 1.2)
      escape (~> 0.0.4)
      faraday (~> 0.8.1)
      json (~> 1.7.3)
      octokit (~> 1.7)
      open4 (~> 1.3.0)
      rake (~> 0.9.4)
      xcodeproj (~> 0.4.1)

GIT
  remote: git://github.com/HipByte/motion-cocoapods.git
  revision: 40da0705f878b8c6c2cdd917733d70dbadf7d728
  specs:
    motion-cocoapods (1.2.1)
      cocoapods (>= 0.14.0)

GIT
  remote: git://github.com/rubymotion/BubbleWrap.git
  revision: 7dab60d5b14afe9c3f0a2e932a16629b0ca3fcc1
  specs:
    bubble-wrap (1.1.4)

GIT
  remote: git://github.com/rubymotion/sugarcube.git
  revision: cf00e6f8ce0eafb7fd94fa93d35cf4e4e1f71cbb
  specs:
    sugarcube (0.14.0)

GIT
  remote: git://github.com/yury/ib.git
  revision: fbf077bc0c7e29c5eb5a6589e36c018747651f2a
  specs:
    ib (0.2.5)
      thor (>= 0.15.4)
      xcodeproj (>= 0.4.1)

GEM
  remote: https://rubygems.org/
  specs:
    activesupport (3.2.11)
      i18n (~> 0.6)
      multi_json (~> 1.0)
    addressable (2.3.2)
    colored (1.2)
    escape (0.0.4)
    faraday (0.8.4)
      multipart-post (~> 1.1)
    faraday_middleware (0.9.0)
      faraday (>= 0.7.4, < 0.9)
    hashie (1.2.0)
    i18n (0.6.1)
    json (1.7.6)
    motion-testflight (1.5)
    multi_json (1.5.0)
    multipart-post (1.1.5)
    netrc (0.7.7)
    octokit (1.22.0)
      addressable (~> 2.2)
      faraday (~> 0.8)
      faraday_middleware (~> 0.9)
      hashie (~> 1.2)
      multi_json (~> 1.3)
      netrc (~> 0.7.7)
    open4 (1.3.0)
    rake (0.9.6)
    thor (0.16.0)
    xcodeproj (0.4.1)
      activesupport (~> 3.2.6)
      colored (~> 1.2)

PLATFORMS
  ruby

DEPENDENCIES
  bubble-wrap!
  cocoapods!
  ib!
  motion-cocoapods!
  motion-testflight
  sugarcube!
